GIT
  remote: git://github.com/unmanbearpig/m.git
  revision: c30126fc346a924e04e1a77177a0c5b07ce19ae9
  specs:
    m (1.3.2)
      method_source (>= 0.6.7)
      rake (>= 0.9.2.2)

GEM
  remote: https://rubygems.org/
  specs:
    ansi (1.4.3)
    builder (3.2.2)
    coderay (1.1.0)
    metaclass (0.0.4)
    method_source (0.8.2)
    minitest (5.3.5)
    minitest-reporters (1.0.5)
      ansi
      builder
      minitest (>= 5.0)
      ruby-progressbar
    mocha (1.1.0)
      metaclass (~> 0.0.1)
    rake (10.3.2)
    rdiscount (1.6.8)
    ruby-progressbar (1.5.1)

PLATFORMS
  ruby

DEPENDENCIES
  builder
  coderay
  m!
  minitest-reporters
  mocha
  rdiscount (= 1.6.8)
